GEM
  remote: https://rubygems.org/
  specs:
    activemodel (6.0.4.7)
      activesupport (= 6.0.4.7)
    activerecord (6.0.4.7)
      activemodel (= 6.0.4.7)
      activesupport (= 6.0.4.7)
    activesupport (6.0.4.7)
      concurrent-ruby (~> 1.0, >= 1.0.2)
      i18n (>= 0.7, < 2)
      minitest (~> 5.1)
      tzinfo (~> 1.1)
      zeitwerk (~> 2.2, >= 2.2.2)
    concurrent-ruby (1.1.10)
    i18n (1.10.0)
      concurrent-ruby (~> 1.0)
    minitest (5.15.0)
    sqlite3 (1.3.13)
    thread_safe (0.3.6)
    tzinfo (1.2.9)
      thread_safe (~> 0.1)
    zeitwerk (2.5.4)

PLATFORMS
  ruby

DEPENDENCIES
  activerecord (~> 6.0.3, >= 6.0.3.6)
  activerecord-jdbcsqlite3-adapter (~> 60.4)
  sqlite3 (~> 1.3.6)

BUNDLED WITH
   2.2.22
